GEM
  remote: https://rubygems.org/
  specs:
    chunky_png (1.2.8)
    compass (0.12.2)
      chunky_png (~> 1.2)
      fssm (>= 0.2.7)
      sass (~> 3.1)
    compass-photoshop-drop-shadow (0.0.1)
      compass
    fssm (0.2.10)
    gettext (2.3.8)
      levenshtein
      locale
    levenshtein (0.2.2)
    locale (2.0.8)
    rake (10.0.4)
    sass (3.2.7)
    susy (1.0.8)
      compass (>= 0.12.2)
      sass (>= 3.2.0)

PLATFORMS
  ruby

DEPENDENCIES
  compass
  compass-photoshop-drop-shadow
  gettext
  rake
  susy
